GEM
  remote: https://rubygems.org/
  specs:
    gosu (0.11.3.1-x64-mingw32)

PLATFORMS
  x64-mingw32

DEPENDENCIES
  gosu (~> 0.11.3.1)

BUNDLED WITH
   1.13.6
